GEM
  remote: http://rubygems.org/
  specs:
    async_sinatra (1.1.0)
      rack (>= 1.4.1)
      sinatra (>= 1.3.2)
    chunky_png (1.2.8)
    cinch (2.0.9)
    compass (0.12.2)
      chunky_png (~> 1.2)
      fssm (>= 0.2.7)
      sass (~> 3.1)
    dotenv (0.9.0)
    eventmachine (1.0.3)
    foreman (0.63.0)
      dotenv (>= 0.7)
      thor (>= 0.13.6)
    fssm (0.2.10)
    haml (4.0.3)
      tilt
    json (1.8.0)
    mini_portile (0.5.1)
    multi_json (1.8.0)
    nokogiri (1.6.0)
      mini_portile (~> 0.5.0)
    oj (2.1.4)
    puma (3.12.4)
    rack (1.6.13)
    rack-cache (1.2)
      rack (>= 0.4)
    rack-protection (1.5.0)
      rack
    rake (10.1.0)
    redis (3.0.4)
    sass (3.2.10)
    shotgun (0.9)
      rack (>= 1.0)
    sinatra (1.4.3)
      rack (~> 1.4)
      rack-protection (~> 1.4)
      tilt (~> 1.3, >= 1.3.4)
    thor (0.18.1)
    tilt (1.4.1)

PLATFORMS
  ruby

DEPENDENCIES
  async_sinatra
  cinch (~> 2.0.9)
  compass
  eventmachine
  foreman
  haml
  json
  multi_json (~> 1.8.0)
  nokogiri (~> 1.6.0)
  oj (~> 2.1.4)
  puma (~> 3.12.4)
  rack-cache (~> 1.2)
  rake
  redis (~> 3.0.4)
  sass
  shotgun
  sinatra
